GEM
  remote: https://rubygems.org/
  specs:
    md2review (1.12.1)
      redcarpet (> 2.0.0)
    rake (13.0.6)
    redcarpet (3.5.1)
    review (2.1.0)
      rubyzip
    rubyzip (2.3.2)

PLATFORMS
  x86_64-linux

DEPENDENCIES
  md2review
  rake
  review (= 2.1.0)

BUNDLED WITH
   2.2.22
